GEM
  remote: https://rubygems.org/
  specs:
    httparty (0.18.1)
      mime-types (~> 3.0)
      multi_xml (>= 0.5.2)
    mime-types (3.3.1)
      mime-types-data (~> 3.2015)
    mime-types-data (3.2021.0225)
    multi_xml (0.6.0)
    webrick (1.7.0)

PLATFORMS
  x86_64-linux

DEPENDENCIES
  httparty
  webrick

BUNDLED WITH
   2.2.15
